GIT
  remote: git://github.com/activerecord-hackery/ransack.git
  revision: 0a77a1b89cf6e00e0a63f93bfebaa7934a21ce93
  branch: rails-4
  specs:
    ransack (1.1.0)
      actionpack (>= 4.0)
      activerecord (>= 4.0)
      activesupport (>= 4.0)
      i18n
      polyamorous (~> 0.6.0)

GIT
  remote: git://github.com/gregbell/active_admin.git
  revision: b7e8c7dde2c26a47e5db0dd1efc163405afadd9d
  specs:
    activeadmin (1.0.0.pre)
      arbre (~> 1.0)
      bourbon
      coffee-rails
      devise (~> 3.2)
      formtastic (~> 2.3.0.rc2)
      inherited_resources (~> 1.3)
      jquery-rails
      jquery-ui-rails
      kaminari (~> 0.15)
      rails (>= 3.2, < 4.1)
      ransack (~> 1.0)
      sass-rails

GIT
  remote: git://github.com/josevalim/inherited_resources.git
  revision: e4fb9fc804488532014307190812946d63a480a3
  specs:
    inherited_resources (1.4.1)
      has_scope (~> 0.6.0.rc)
      responders (~> 1.0.0.rc)

GIT
  remote: git://github.com/justinfrench/formtastic.git
  revision: dc5c0472d0fb898933c2fcea18b7087de7a05f02
  specs:
    formtastic (2.3.0.rc2)
      actionpack (>= 3.0)

GEM
  remote: https://rubygems.org/
  specs:
    actionmailer (4.0.2)
      actionpack (= 4.0.2)
      mail (~> 2.5.4)
    actionpack (4.0.2)
      activesupport (= 4.0.2)
      builder (~> 3.1.0)
      erubis (~> 2.7.0)
      rack (~> 1.5.2)
      rack-test (~> 0.6.2)
    activemodel (4.0.2)
      activesupport (= 4.0.2)
      builder (~> 3.1.0)
    activerecord (4.0.2)
      activemodel (= 4.0.2)
      activerecord-deprecated_finders (~> 1.0.2)
      activesupport (= 4.0.2)
      arel (~> 4.0.0)
    activerecord-deprecated_finders (1.0.3)
    activesupport (4.0.2)
      i18n (~> 0.6, >= 0.6.4)
      minitest (~> 4.2)
      multi_json (~> 1.3)
      thread_safe (~> 0.1)
      tzinfo (~> 0.3.37)
    acts-as-taggable-on (3.0.1)
      rails (>= 3, < 5)
    acts_as_votable (0.8.0)
    arbre (1.0.1)
      activesupport (>= 3.0.0)
    arel (4.0.1)
    atomic (1.1.14)
    bcrypt-ruby (3.1.2)
    bourbon (3.1.8)
      sass (>= 3.2.0)
      thor
    builder (3.1.4)
    coderay (1.1.0)
    coffee-rails (4.0.1)
      coffee-script (>= 2.2.0)
      railties (>= 4.0.0, < 5.0)
    coffee-script (2.2.0)
      coffee-script-source
      execjs
    coffee-script-source (1.6.3)
    devise (3.2.2)
      bcrypt-ruby (~> 3.0)
      orm_adapter (~> 0.1)
      railties (>= 3.2.6, < 5)
      thread_safe (~> 0.1)
      warden (~> 1.2.3)
    erubis (2.7.0)
    execjs (2.0.2)
    has_scope (0.6.0.rc)
      actionpack (>= 3.2, < 5)
      activesupport (>= 3.2, < 5)
    hike (1.2.3)
    httpclient (2.3.4.1)
    i18n (0.6.9)
    jbuilder (1.5.3)
      activesupport (>= 3.0.0)
      multi_json (>= 1.2.0)
    jquery-rails (3.0.4)
      railties (>= 3.0, < 5.0)
      thor (>= 0.14, < 2.0)
    jquery-ui-rails (4.1.1)
      railties (>= 3.1.0)
    json (1.8.1)
    kaminari (0.15.1)
      actionpack (>= 3.0.0)
      activesupport (>= 3.0.0)
    kgio (2.8.1)
    libv8 (3.16.14.3)
    mail (2.5.4)
      mime-types (~> 1.16)
      treetop (~> 1.4.8)
    mime-types (1.25.1)
    mini_portile (0.5.2)
    minitest (4.7.5)
    multi_json (1.8.4)
    mysql2 (0.3.14)
    newrelic_rpm (3.7.1.188)
    nokogiri (1.6.1)
      mini_portile (~> 0.5.0)
    orm_adapter (0.5.0)
    pg (0.17.1)
    polyamorous (0.6.4)
      activerecord (>= 3.0)
    polyglot (0.3.3)
    punching_bag (0.3.6)
      railties
      voight_kampff (>= 0.2.0)
    rack (1.5.2)
    rack-test (0.6.2)
      rack (>= 1.0)
    rails (4.0.2)
      actionmailer (= 4.0.2)
      actionpack (= 4.0.2)
      activerecord (= 4.0.2)
      activesupport (= 4.0.2)
      bundler (>= 1.3.0, < 2.0)
      railties (= 4.0.2)
      sprockets-rails (~> 2.0.0)
    rails_12factor (0.0.2)
      rails_serve_static_assets
      rails_stdout_logging
    rails_serve_static_assets (0.0.2)
    rails_stdout_logging (0.0.3)
    railties (4.0.2)
      actionpack (= 4.0.2)
      activesupport (= 4.0.2)
      rake (>= 0.8.7)
      thor (>= 0.18.1, < 2.0)
    raindrops (0.12.0)
    rake (10.1.1)
    rdoc (4.1.1)
      json (~> 1.4)
    redactor-rails (0.4.3)
      devise
      mime-types
      orm_adapter
    redcarpet (3.0.0)
    ref (1.0.5)
    responders (1.0.0)
      railties (>= 3.2, < 5)
    sass (3.2.13)
    sass-rails (4.0.1)
      railties (>= 4.0.0, < 5.0)
      sass (>= 3.1.10)
      sprockets-rails (~> 2.0.0)
    sdoc (0.4.0)
      json (~> 1.8)
      rdoc (~> 4.0, < 5.0)
    simple_form (3.0.1)
      actionpack (>= 4.0.0, < 4.1)
      activemodel (>= 4.0.0, < 4.1)
    sprockets (2.10.1)
      hike (~> 1.2)
      multi_json (~> 1.0)
      rack (~> 1.0)
      tilt (~> 1.1, != 1.3.0)
    sprockets-rails (2.0.1)
      actionpack (>= 3.0)
      activesupport (>= 3.0)
      sprockets (~> 2.8)
    therubyracer (0.12.0)
      libv8 (~> 3.16.14.0)
      ref
    thor (0.18.1)
    thread_safe (0.1.3)
      atomic
    tilt (1.4.1)
    treetop (1.4.15)
      polyglot
      polyglot (>= 0.3.1)
    tzinfo (0.3.38)
    uglifier (2.4.0)
      execjs (>= 0.3.0)
      json (>= 1.8.0)
    unicorn (4.8.1)
      kgio (~> 2.6)
      rack
      raindrops (~> 0.7)
    voight_kampff (0.2.0)
      httpclient (~> 2.2)
      nokogiri (~> 1.6.0)
    warden (1.2.3)
      rack (>= 1.0)
    will_paginate (3.0.5)
    zurb-foundation (4.3.2)
      sass (>= 3.2.0)

PLATFORMS
  ruby

DEPENDENCIES
  activeadmin!
  activerecord (~> 4.0.2)
  acts-as-taggable-on
  acts_as_votable (~> 0.8.0)
  coderay
  coffee-rails (~> 4.0.0)
  devise
  formtastic!
  inherited_resources!
  jbuilder (~> 1.2)
  jquery-rails
  jquery-ui-rails
  mysql2
  newrelic_rpm
  pg
  punching_bag
  rails (= 4.0.2)
  rails_12factor
  ransack!
  redactor-rails
  redcarpet
  sass-rails (~> 4.0.0)
  sdoc
  simple_form
  therubyracer
  uglifier (>= 1.3.0)
  unicorn
  will_paginate (~> 3.0.5)
  zurb-foundation
